GEM
  remote: http://rubygems.org/
  specs:
    addressable (2.5.2)
      public_suffix (>= 2.0.2, < 4.0)
    anemone (0.7.2)
      nokogiri (>= 1.3.0)
      robotex (>= 1.0.0)
    buftok (0.2.0)
    domain_name (0.5.20170404)
      unf (>= 0.0.5, < 1.0.0)
    equalizer (0.0.10)
    faraday (0.9.2)
      multipart-post (>= 1.2, < 3)
    http (1.0.4)
      addressable (~> 2.3)
      http-cookie (~> 1.0)
      http-form_data (~> 1.0.1)
      http_parser.rb (~> 0.6.0)
    http-cookie (1.0.3)
      domain_name (~> 0.5)
    http-form_data (1.0.3)
    http_parser.rb (0.6.0)
    json (1.8.6)
    memoizable (0.4.2)
      thread_safe (~> 0.3, >= 0.3.1)
    mini_portile2 (2.3.0)
    multipart-post (2.0.0)
    mustermann (1.0.1)
    naught (1.1.0)
    nokogiri (1.8.1)
      mini_portile2 (~> 2.3.0)
    public_suffix (3.0.0)
    rack (2.0.3)
    rack-protection (2.0.0)
      rack
    robotex (1.0.0)
    simple_oauth (0.3.1)
    sinatra (2.0.0)
      mustermann (~> 1.0)
      rack (~> 2.0)
      rack-protection (= 2.0.0)
      tilt (~> 2.0)
    thread_safe (0.3.6)
    tilt (2.0.8)
    twitter (5.16.0)
      addressable (~> 2.3)
      buftok (~> 0.2.0)
      equalizer (= 0.0.10)
      faraday (~> 0.9.0)
      http (~> 1.0)
      http_parser.rb (~> 0.6.0)
      json (~> 1.8)
      memoizable (~> 0.4.0)
      naught (~> 1.0)
      simple_oauth (~> 0.3.0)
    unf (0.1.4)
      unf_ext
    unf_ext (0.0.7.4)

PLATFORMS
  ruby

DEPENDENCIES
  anemone
  sinatra (= 2.0.0)
  twitter (= 5.16.0)

RUBY VERSION
   ruby 2.3.1p112

BUNDLED WITH
   1.16.0
